GEM
  remote: https://rubygems.org/
  specs:
    curses (1.0.1)
    ruby-terminfo (0.1.1)
    thor (0.19.1)

PLATFORMS
  ruby

DEPENDENCIES
  curses
  ruby-terminfo
  thor
